GEM
  remote: http://rubygems.org/
  specs:
    backports (2.3.0)
    celluloid (0.6.2)
    eventmachine (0.12.10-java)
    haml (3.1.4)
    kramdown (0.13.3)
    rack (1.3.5)
    rack-protection (1.1.4)
      rack
    rack-test (0.6.1)
      rack (>= 1.0)
    sass (3.1.11)
    sinatra (1.3.1)
      rack (~> 1.3, >= 1.3.4)
      rack-protection (~> 1.1, >= 1.1.2)
      tilt (~> 1.3, >= 1.3.3)
    sinatra-contrib (1.3.1)
      backports (>= 2.0)
      eventmachine
      rack-protection
      rack-test
      sinatra (~> 1.3.0)
      tilt (~> 1.3)
    tilt (1.3.3)

PLATFORMS
  java

DEPENDENCIES
  celluloid
  haml
  kramdown
  sass
  sinatra
  sinatra-contrib
